GEM
  remote: https://rubygems.org/
  specs:
    activemodel (3.1.4)
      activesupport (= 3.1.4)
      builder (~> 3.0.0)
      i18n (~> 0.6)
    activesupport (3.1.4)
      multi_json (~> 1.0)
    adapter (0.5.2)
    adapter-redis (0.5.1)
      adapter (~> 0.5.1)
      redis (~> 2.1.1)
    builder (3.0.3)
    coffee-script (2.2.0)
      coffee-script-source
      execjs
    coffee-script-source (1.3.3)
    daemons (1.1.9)
    eventmachine (1.0.0)
    execjs (1.4.0)
      multi_json (~> 1.0)
    foreman (0.60.0)
      thor (>= 0.13.6)
    handlebars_assets (0.6.6)
      execjs (>= 1.2.9)
      sprockets (>= 2.0.3)
      tilt
    hike (1.2.1)
    i18n (0.6.1)
    multi_json (1.3.6)
    rack (1.4.1)
    rack-protection (1.2.0)
      rack
    redis (2.1.1)
    simple_uuid (0.1.2)
    sinatra (1.3.3)
      rack (~> 1.3, >= 1.3.6)
      rack-protection (~> 1.2)
      tilt (~> 1.3, >= 1.3.3)
    sprockets (2.6.0)
      hike (~> 1.2)
      multi_json (~> 1.0)
      rack (~> 1.0)
      tilt (~> 1.1, != 1.3.0)
    thin (1.4.1)
      daemons (>= 1.0.9)
      eventmachine (>= 0.12.6)
      rack (>= 1.0.0)
    thor (0.16.0)
    tilt (1.3.3)
    toystore (0.10.2)
      activemodel (~> 3.0, < 3.2)
      activesupport (~> 3.0, < 3.2)
      adapter (~> 0.5.1)
      simple_uuid (~> 0.1.1)

PLATFORMS
  ruby

DEPENDENCIES
  adapter-redis
  coffee-script
  foreman
  handlebars_assets
  sinatra
  sprockets
  thin
  toystore
